GEM
  remote: http://rubygems.org/
  specs:
    ceedling (0.18.0)
      rake (>= 0.8.7)
      thor (>= 0.14.5)
    rake (10.4.2)
    thor (0.19.1)

PLATFORMS
  ruby

DEPENDENCIES
  bundler (>= 1.3.5)
  ceedling (>= 0.18)
